GIT
  remote: git://github.com/ichid/ember-cart.git
  revision: 82ab0f6ab7040639df0a409959b497360c44ef22
  branch: develop
  specs:
    ember-cart (0.0.1)
      acts_as_api (>= 0.3.11)
      coffee-rails (>= 3.2.2)
      ember-rails (~> 0.7.0)
      rails (~> 3.2.3)

GIT
  remote: git://github.com/josevalim/active_model_serializers.git
  revision: 655c4fe1c2985d980d0dafb49eef3706412c1ed8
  specs:
    active_model_serializers (0.5.0)
      activemodel (~> 3.0)

GIT
  remote: https://github.com/emberjs/ember-rails.git
  revision: d76bd792c053853de48081bf10b44707804f4571
  specs:
    ember-rails (0.7.0)
      active_model_serializers
      execjs (>= 1.2)
      railties (~> 3.1)

GEM
  remote: http://ruby.taobao.org/
  specs:
    actionmailer (3.2.8)
      actionpack (= 3.2.8)
      mail (~> 2.4.4)
    actionpack (3.2.8)
      activemodel (= 3.2.8)
      activesupport (= 3.2.8)
      builder (~> 3.0.0)
      erubis (~> 2.7.0)
      journey (~> 1.0.4)
      rack (~> 1.4.0)
      rack-cache (~> 1.2)
      rack-test (~> 0.6.1)
      sprockets (~> 2.1.3)
    activemodel (3.2.8)
      activesupport (= 3.2.8)
      builder (~> 3.0.0)
    activerecord (3.2.8)
      activemodel (= 3.2.8)
      activesupport (= 3.2.8)
      arel (~> 3.0.2)
      tzinfo (~> 0.3.29)
    activeresource (3.2.8)
      activemodel (= 3.2.8)
      activesupport (= 3.2.8)
    activesupport (3.2.8)
      i18n (~> 0.6)
      multi_json (~> 1.0)
    acts_as_api (0.4.1)
      activemodel (>= 3.0.0)
      activesupport (>= 3.0.0)
      rack (>= 1.1.0)
    addressable (2.3.2)
    ancestry (1.3.0)
      activerecord (>= 2.3.14)
    arel (3.0.2)
    builder (3.0.0)
    coffee-rails (3.2.2)
      coffee-script (>= 2.2.0)
      railties (~> 3.2.0)
    coffee-script (2.2.0)
      coffee-script-source
      execjs
    coffee-script-source (1.3.3)
    commonjs (0.2.6)
    confstruct (0.2.3)
    diff-lcs (1.1.3)
    erubis (2.7.0)
    excon (0.15.5)
    execjs (1.4.0)
      multi_json (~> 1.0)
    ffaker (1.15.0)
    heroku (2.30.2)
      heroku-api (~> 0.3.2)
      launchy (>= 0.3.2)
      netrc (~> 0.7.5)
      rest-client (~> 1.6.1)
      rubyzip
    heroku-api (0.3.2)
      excon (~> 0.15.5)
    hike (1.2.1)
    i18n (0.6.0)
    journey (1.0.4)
    jquery-rails (2.0.2)
      railties (>= 3.2.0, < 5.0)
      thor (~> 0.14)
    json (1.7.4)
    launchy (2.1.2)
      addressable (~> 2.3)
    less (2.2.1)
      commonjs (~> 0.2.6)
    less-rails (2.2.3)
      actionpack (>= 3.1)
      less (~> 2.2.0)
    libv8 (3.3.10.4)
    mail (2.4.4)
      i18n (>= 0.4.0)
      mime-types (~> 1.16)
      treetop (~> 1.4.8)
    mime-types (1.19)
    multi_json (1.3.6)
    netrc (0.7.5)
    pg (0.14.0)
    polyglot (0.3.3)
    rack (1.4.1)
    rack-cache (1.2)
      rack (>= 0.4)
    rack-ssl (1.3.2)
      rack
    rack-test (0.6.1)
      rack (>= 1.0)
    rails (3.2.8)
      actionmailer (= 3.2.8)
      actionpack (= 3.2.8)
      activerecord (= 3.2.8)
      activeresource (= 3.2.8)
      activesupport (= 3.2.8)
      bundler (~> 1.0)
      railties (= 3.2.8)
    railties (3.2.8)
      actionpack (= 3.2.8)
      activesupport (= 3.2.8)
      rack-ssl (~> 1.3.2)
      rake (>= 0.8.7)
      rdoc (~> 3.4)
      thor (>= 0.14.6, < 2.0)
    rake (0.9.2.2)
    rda (0.0.6)
      confstruct
      rails (>= 3.1)
      thor
    rdoc (3.12)
      json (~> 1.4)
    rest-client (1.6.7)
      mime-types (>= 1.16)
    rspec (2.11.0)
      rspec-core (~> 2.11.0)
      rspec-expectations (~> 2.11.0)
      rspec-mocks (~> 2.11.0)
    rspec-core (2.11.1)
    rspec-expectations (2.11.2)
      diff-lcs (~> 1.1.3)
    rspec-mocks (2.11.1)
    rspec-rails (2.11.0)
      actionpack (>= 3.0)
      activesupport (>= 3.0)
      railties (>= 3.0)
      rspec (~> 2.11.0)
    rubyzip (0.9.9)
    sass (3.1.20)
    sass-rails (3.2.5)
      railties (~> 3.2.0)
      sass (>= 3.1.10)
      tilt (~> 1.3)
    simple_form (2.0.2)
      actionpack (~> 3.0)
      activemodel (~> 3.0)
    slim (1.2.2)
      temple (~> 0.4.0)
      tilt (~> 1.3.3)
    sprockets (2.1.3)
      hike (~> 1.2)
      rack (~> 1.0)
      tilt (~> 1.1, != 1.3.0)
    temple (0.4.0)
    therubyracer (0.10.1)
      libv8 (~> 3.3.10)
    thor (0.15.4)
    tilt (1.3.3)
    treetop (1.4.10)
      polyglot
      polyglot (>= 0.3.1)
    twitter-bootstrap-rails (2.1.1)
      actionpack (>= 3.1)
      less-rails (~> 2.2.2)
      railties (>= 3.1)
      therubyracer (= 0.10.1)
    tzinfo (0.3.33)
    uglifier (1.2.7)
      execjs (>= 0.3.0)
      multi_json (~> 1.3)

PLATFORMS
  ruby

DEPENDENCIES
  active_model_serializers!
  ancestry
  coffee-rails (~> 3.2.1)
  ember-cart!
  ember-rails!
  ffaker
  heroku
  jquery-rails
  pg
  rails (~> 3.2.3)
  rda
  rspec-rails
  sass-rails (~> 3.2.3)
  simple_form
  slim
  twitter-bootstrap-rails
  uglifier (>= 1.0.3)
